GIT
  remote: https://github.com/givesafe/rqrcode_core.git
  revision: 1decdc8bea2b60bc1d3b2c1a75ebd0d906d976cb
  branch: master
  specs:
    rqrcode_core (1.2.1)

PATH
  remote: .
  specs:
    rqrcode (3.0.2.1)
      chunky_png (~> 1.0)

GEM
  remote: https://rubygems.org/
  specs:
    chunky_png (1.4.0)
    diff-lcs (1.5.1)
    rake (13.2.1)
    rspec (3.13.0)
      rspec-core (~> 3.13.0)
      rspec-expectations (~> 3.13.0)
      rspec-mocks (~> 3.13.0)
    rspec-core (3.13.1)
      rspec-support (~> 3.13.0)
    rspec-expectations (3.13.2)
      diff-lcs (>= 1.2.0, < 2.0)
      rspec-support (~> 3.13.0)
    rspec-mocks (3.13.1)
      diff-lcs (>= 1.2.0, < 2.0)
      rspec-support (~> 3.13.0)
    rspec-support (3.13.1)

PLATFORMS
  aarch64-linux
  ruby
  x86_64-linux

DEPENDENCIES
  bundler (~> 2.0)
  rake (~> 13.0)
  rqrcode!
  rqrcode_core!
  rspec (~> 3.5)

BUNDLED WITH
   2.4.10
